GEM
  remote: http://rubygems.org/
  specs:
    activesupport (4.1.8)
      i18n (~> 0.6, >= 0.6.9)
      json (~> 1.7, >= 1.7.7)
      minitest (~> 5.1)
      thread_safe (~> 0.1)
      tzinfo (~> 1.1)
    excon (0.40.0)
    httparty (0.13.1)
      json (~> 1.8)
      multi_xml (>= 0.5.2)
    httpclient (2.5.1)
    i18n (0.6.11)
    json (1.8.1)
    minitest (5.4.3)
    multi_json (1.10.1)
    multi_xml (0.5.5)
    pusher (0.14.2)
      httpclient (~> 2.4)
      multi_json (~> 1.0)
      signature (~> 0.1.6)
    rack (1.5.2)
    rack-protection (1.5.3)
      rack
    robut (0.5.2)
      sinatra (~> 1.3)
      xmpp4r (~> 0.5.0)
    signature (0.1.7)
    sinatra (1.4.5)
      rack (~> 1.4)
      rack-protection (~> 1.4)
      tilt (~> 1.3, >= 1.3.4)
    spotify-client (0.0.8)
      excon (~> 0.37)
    thread_safe (0.3.4)
    tilt (1.4.1)
    tzinfo (1.2.2)
      thread_safe (~> 0.1)
    xmpp4r (0.5.6)

PLATFORMS
  ruby

DEPENDENCIES
  activesupport
  httparty
  pusher
  robut
  sinatra
  spotify-client
