GEM
  remote: http://rubygems.org/
  specs:
    excon (0.40.0)
    google-search (1.0.3)
      json
    httparty (0.13.1)
      json (~> 1.8)
      multi_xml (>= 0.5.2)
    json (1.8.1)
    multi_xml (0.5.5)
    rack (1.5.2)
    rack-protection (1.5.3)
      rack
    robut (0.5.2)
      sinatra (~> 1.3)
      xmpp4r (~> 0.5.0)
    rufus-scheduler (3.0.9)
      tzinfo
    sinatra (1.4.5)
      rack (~> 1.4)
      rack-protection (~> 1.4)
      tilt (~> 1.3, >= 1.3.4)
    spotify-client (0.0.8)
      excon (~> 0.37)
    thread_safe (0.3.4)
    tilt (1.4.1)
    tzinfo (1.2.2)
      thread_safe (~> 0.1)
    xmpp4r (0.5.6)

PLATFORMS
  ruby

DEPENDENCIES
  google-search
  httparty
  robut
  rufus-scheduler
  sinatra
  spotify-client
