GEM
  remote: http://rubygems.org/
  specs:
    excon (0.40.0)
    google-search (1.0.3)
      json
    json (1.8.1)
    rack (1.5.2)
    rack-protection (1.5.3)
      rack
    robut (0.5.2)
      sinatra (~> 1.3)
      xmpp4r (~> 0.5.0)
    sinatra (1.4.5)
      rack (~> 1.4)
      rack-protection (~> 1.4)
      tilt (~> 1.3, >= 1.3.4)
    spotify-client (0.0.8)
      excon (~> 0.37)
    tilt (1.4.1)
    xmpp4r (0.5.6)

PLATFORMS
  ruby

DEPENDENCIES
  google-search
  robut
  spotify-client
